PATH
  remote: .
  specs:
    RubyCliGemProject (0.1.0)
      nokogiri

GEM
  remote: https://rubygems.org/
  specs:
    artii (2.1.2)
    byebug (4.0.5)
      columnize (= 0.9.0)
    byebug-color-printer (0.1.0)
      byebug (~> 4.0)
    coderay (1.1.2)
    colorize (0.8.1)
    columnize (0.9.0)
    diff-lcs (1.3)
    method_source (0.9.2)
    mini_portile2 (2.4.0)
    nokogiri (1.10.1)
      mini_portile2 (~> 2.4.0)
    pry (0.12.2)
      coderay (~> 1.1.0)
      method_source (~> 0.9.0)
    pry-byebug (3.1.0)
      byebug (~> 4.0)
      pry (~> 0.10)
    rainbow (3.0.0)
    rake (10.5.0)
    rspec (3.8.0)
      rspec-core (~> 3.8.0)
      rspec-expectations (~> 3.8.0)
      rspec-mocks (~> 3.8.0)
    rspec-core (3.8.0)
      rspec-support (~> 3.8.0)
    rspec-expectations (3.8.2)
      diff-lcs (>= 1.2.0, < 2.0)
      rspec-support (~> 3.8.0)
    rspec-mocks (3.8.0)
      diff-lcs (>= 1.2.0, < 2.0)
      rspec-support (~> 3.8.0)
    rspec-support (3.8.0)

PLATFORMS
  ruby

DEPENDENCIES
  RubyCliGemProject!
  artii
  bundler (~> 2.0)
  byebug
  byebug-color-printer
  colorize
  pry
  pry-byebug
  rainbow
  rake (~> 10.0)
  rspec (~> 3.0)

BUNDLED WITH
   2.0.1
